Brain Vision Data Exchange Header File Version 1.0
; Written using pybv 0.7.5

[Common Infos]
Codepage=UTF-8
DataFile=pybv_file20240408174927827289.eeg
MarkerFile=pybv_file20240408174927827289.vmrk
DataFormat=BINARY
; Data orientation: MULTIPLEXED=ch1,pt1, ch2,pt1 ...
DataOrientation=MULTIPLEXED
NumberOfChannels=16
; Sampling interval in microseconds
SamplingInterval=8000.0

[Binary Infos]
BinaryFormat=IEEE_FLOAT_32

[Channel Infos]
; Each entry: Ch<Channel number>=<Name>,<Reference channel name>,
; <Resolution in "Unit">,<Unit>, Future extensions..
; Fields are delimited by commas, some fields might be omitted (empty).
; Commas in channel names are coded as "\1".
Ch1=P7,,0.1,µV
Ch2=P3,,0.1,µV
Ch3=O1,,0.1,µV
Ch4=Pz,,0.1,µV
Ch5=Oz,,0.1,µV
Ch6=O2,,0.1,µV
Ch7=P8,,0.1,µV
Ch8=P4,,0.1,µV
Ch9=C3,,0.1,µV
Ch10=Cz,,0.1,µV
Ch11=C4,,0.1,µV
Ch12=F3,,0.1,µV
Ch13=Fz,,0.1,µV
Ch14=F4,,0.1,µV
Ch15=Fp1,,0.1,µV
Ch16=Fp2,,0.1,µV

[Comment]

